PATH
  remote: .
  specs:
    pitstop (0.1.3)
      k8s-client (~> 0.10.1)
      thor (~> 0.20.3)

GEM
  remote: https://rubygems.org/
  specs:
    addressable (2.6.0)
      public_suffix (>= 2.0.2, < 4.0)
    concurrent-ruby (1.1.5)
    crack (0.4.3)
      safe_yaml (~> 1.0.0)
    diff-lcs (1.3)
    dry-configurable (0.8.3)
      concurrent-ruby (~> 1.0)
      dry-core (~> 0.4, >= 0.4.7)
    dry-container (0.7.2)
      concurrent-ruby (~> 1.0)
      dry-configurable (~> 0.1, >= 0.1.3)
    dry-core (0.4.8)
      concurrent-ruby (~> 1.0)
    dry-equalizer (0.2.2)
    dry-inflector (0.1.2)
    dry-logic (0.6.1)
      concurrent-ruby (~> 1.0)
      dry-core (~> 0.2)
      dry-equalizer (~> 0.2)
    dry-struct (0.5.1)
      dry-core (~> 0.4, >= 0.4.3)
      dry-equalizer (~> 0.2)
      dry-types (~> 0.13)
      ice_nine (~> 0.11)
    dry-types (0.13.4)
      concurrent-ruby (~> 1.0)
      dry-container (~> 0.3)
      dry-core (~> 0.4, >= 0.4.4)
      dry-equalizer (~> 0.2)
      dry-inflector (~> 0.1, >= 0.1.2)
      dry-logic (~> 0.4, >= 0.4.2)
    excon (0.64.0)
    hashdiff (0.3.9)
    ice_nine (0.11.2)
    jsonpath (0.9.9)
      multi_json
      to_regexp (~> 0.2.1)
    k8s-client (0.10.2)
      dry-struct (~> 0.5.0)
      dry-types (~> 0.13.0)
      excon (~> 0.64.0)
      hashdiff (~> 0.3.7)
      jsonpath (~> 0.9.5)
      recursive-open-struct (~> 1.1.0)
      yajl-ruby (~> 1.4.0)
      yaml-safe_load_stream (~> 0.1)
    multi_json (1.13.1)
    public_suffix (3.1.0)
    rake (10.5.0)
    recursive-open-struct (1.1.0)
    rspec (3.8.0)
      rspec-core (~> 3.8.0)
      rspec-expectations (~> 3.8.0)
      rspec-mocks (~> 3.8.0)
    rspec-core (3.8.0)
      rspec-support (~> 3.8.0)
    rspec-expectations (3.8.4)
      diff-lcs (>= 1.2.0, < 2.0)
      rspec-support (~> 3.8.0)
    rspec-mocks (3.8.1)
      diff-lcs (>= 1.2.0, < 2.0)
      rspec-support (~> 3.8.0)
    rspec-support (3.8.2)
    safe_yaml (1.0.5)
    thor (0.20.3)
    to_regexp (0.2.1)
    webmock (3.5.1)
      addressable (>= 2.3.6)
      crack (>= 0.3.2)
      hashdiff
    yajl-ruby (1.4.1)
    yaml-safe_load_stream (0.1.1)

PLATFORMS
  ruby

DEPENDENCIES
  bundler (~> 2.0)
  k8s-client (~> 0.10.1)
  pitstop!
  rake (~> 10.0)
  rspec (~> 3.0)
  thor (~> 0.20.3)
  webmock (~> 3.5.1)

BUNDLED WITH
   2.0.1
